PATH
  remote: vendor/git/formtastic
  specs:
    formtastic (1.0.0.beta3)
      actionpack (>= 2.3.0)
      activesupport (>= 2.3.0)
      i18n (>= 0.4.0)

PATH
  remote: vendor/git/rails
  specs:
    actionmailer (3.0.0.rc)
      actionpack (= 3.0.0.rc)
      mail (~> 2.2.5)
    actionpack (3.0.0.rc)
      activemodel (= 3.0.0.rc)
      activesupport (= 3.0.0.rc)
      builder (~> 2.1.2)
      erubis (~> 2.6.6)
      i18n (~> 0.4.1)
      rack (~> 1.2.1)
      rack-mount (~> 0.6.9)
      rack-test (~> 0.5.4)
      tzinfo (~> 0.3.22)
    activemodel (3.0.0.rc)
      activesupport (= 3.0.0.rc)
      builder (~> 2.1.2)
      i18n (~> 0.4.1)
    activerecord (3.0.0.rc)
      activemodel (= 3.0.0.rc)
      activesupport (= 3.0.0.rc)
      arel (~> 0.4.0)
      tzinfo (~> 0.3.22)
    activeresource (3.0.0.rc)
      activemodel (= 3.0.0.rc)
      activesupport (= 3.0.0.rc)
    activesupport (3.0.0.rc)
    rails (3.0.0.rc)
      actionmailer (= 3.0.0.rc)
      actionpack (= 3.0.0.rc)
      activerecord (= 3.0.0.rc)
      activeresource (= 3.0.0.rc)
      activesupport (= 3.0.0.rc)
      bundler (>= 1.0.0.rc.2)
      railties (= 3.0.0.rc)
    railties (3.0.0.rc)
      actionpack (= 3.0.0.rc)
      activesupport (= 3.0.0.rc)
      rake (>= 0.8.3)
      thor (~> 0.14.0)

PATH
  remote: vendor/git/ruby_tubesday
  specs:
    ruby_tubesday (0.3.2)
      activesupport (>= 2.1)

PATH
  remote: vendor/git/semantic_extraction
  specs:
    semantic_extraction (0.2.0)
      extlib
      nokogiri
      ruby_tubesday

PATH
  remote: vendor/git/thinking-sphinx
  specs:
    thinking-sphinx (2.0.0.rc1)
      activerecord (>= 3.0.0.beta3)
      riddle (>= 1.0.10)

GEM
  remote: http://rubygems.org/
  specs:
    abstract (1.0.0)
    arel (0.4.0)
      activesupport (>= 3.0.0.beta)
    builder (2.1.2)
    chronic (0.2.3)
      hoe (>= 1.2.1)
    crack (0.1.8)
    curb (0.7.7.1)
    daemons (1.1.0)
    delayed_job (2.0.3)
      daemons
    erubis (2.6.6)
      abstract (>= 1.0.0)
    extlib (0.9.15)
    haml (3.0.14)
    hoe (2.6.1)
      rake (>= 0.8.7)
      rubyforge (>= 2.0.4)
    httparty (0.6.1)
      crack (= 0.1.8)
    i18n (0.4.1)
    json (1.4.3)
    json_pure (1.4.3)
    mail (2.2.5)
      activesupport (>= 2.3.6)
      mime-types
      treetop (>= 1.4.5)
    memcache (1.2.12)
    memcache-client (1.8.5)
    mime-types (1.16)
    mysql (2.8.1)
    nokogiri (1.4.1)
    polyglot (0.3.1)
    rack (1.2.1)
    rack-mount (0.6.9)
      rack (>= 1.0.0)
    rack-test (0.5.4)
      rack (>= 1.0)
    rake (0.8.7)
    riddle (1.0.12)
    rubyforge (2.0.4)
      json_pure (>= 1.1.7)
    sanitize (1.2.1)
      nokogiri (~> 1.4.1)
    thor (0.14.0)
    treetop (1.4.8)
      polyglot (>= 0.3.1)
    tzinfo (0.3.22)
    unicorn (1.1.2)
      rack
    whenever (0.5.0)
      chronic (>= 0.2.3)
    will_paginate (3.0.pre)

PLATFORMS
  ruby

DEPENDENCIES
  curb
  delayed_job
  formtastic!
  haml
  httparty
  json
  memcache
  memcache-client
  mysql
  nokogiri (= 1.4.1)
  rails!
  ruby_tubesday!
  sanitize
  semantic_extraction!
  thinking-sphinx!
  unicorn
  whenever
  will_paginate (= 3.0.pre)
